GEM
  remote: http://rubygems.org/
  specs:
    rack (1.4.1)
    rulers (0.0.1)
      rack

PLATFORMS
  ruby

DEPENDENCIES
  rulers (= 0.0.1)
